PATH
  remote: .
  specs:
    wataridori (0.1.0)
      esa (~> 1.13.1)
      hashie (~> 3.6.0)
      nokogiri (~> 1.10.4)
      retriable (~> 3.1.1)

GEM
  remote: https://rubygems.org/
  specs:
    ast (2.4.2)
    coderay (1.1.3)
    diff-lcs (1.4.4)
    dotenv (2.7.6)
    esa (1.13.1)
      faraday (~> 0.9)
      faraday_middleware
      mime-types (~> 2.6)
      multi_xml (~> 0.5.5)
    faraday (0.17.4)
      multipart-post (>= 1.2, < 3)
    faraday_middleware (0.14.0)
      faraday (>= 0.7.4, < 1.0)
    hashie (3.6.0)
    method_source (1.0.0)
    mime-types (2.99.3)
    mini_portile2 (2.4.0)
    multi_xml (0.5.5)
    multipart-post (2.1.1)
    nokogiri (1.10.10)
      mini_portile2 (~> 2.4.0)
    parallel (1.20.1)
    parser (3.0.0.0)
      ast (~> 2.4.1)
    pry (0.14.0)
      coderay (~> 1.1)
      method_source (~> 1.0)
    rainbow (3.0.0)
    rake (13.0.3)
    rb-readline (0.5.5)
    regexp_parser (2.1.1)
    retriable (3.1.2)
    rexml (3.2.4)
    rspec (3.10.0)
      rspec-core (~> 3.10.0)
      rspec-expectations (~> 3.10.0)
      rspec-mocks (~> 3.10.0)
    rspec-core (3.10.1)
      rspec-support (~> 3.10.0)
    rspec-expectations (3.10.1)
      diff-lcs (>= 1.2.0, < 2.0)
      rspec-support (~> 3.10.0)
    rspec-mocks (3.10.2)
      diff-lcs (>= 1.2.0, < 2.0)
      rspec-support (~> 3.10.0)
    rspec-support (3.10.2)
    rubocop (1.11.0)
      parallel (~> 1.10)
      parser (>= 3.0.0.0)
      rainbow (>= 2.2.2, < 4.0)
      regexp_parser (>= 1.8, < 3.0)
      rexml
      rubocop-ast (>= 1.2.0, < 2.0)
      ruby-progressbar (~> 1.7)
      unicode-display_width (>= 1.4.0, < 3.0)
    rubocop-ast (1.4.1)
      parser (>= 2.7.1.5)
    ruby-progressbar (1.11.0)
    unicode-display_width (2.0.0)

PLATFORMS
  ruby

DEPENDENCIES
  bundler (~> 1.17)
  dotenv
  pry
  rake (~> 13.0)
  rb-readline
  rspec (~> 3.0)
  rubocop
  wataridori!

BUNDLED WITH
   1.17.3
